GEM
  remote: http://rubygems.org/
  specs:
    RedCloth (4.2.7)
    actionmailer (2.3.11)
      actionpack (= 2.3.11)
    actionpack (2.3.11)
      activesupport (= 2.3.11)
      rack (~> 1.1.0)
    activerecord (2.3.11)
      activesupport (= 2.3.11)
    activeresource (2.3.11)
      activesupport (= 2.3.11)
    activesupport (2.3.11)
    arrayfields (4.7.4)
    bj (1.0.1)
      main (>= 2.6.0)
      orderedhash (>= 0.0.3)
      systemu (>= 1.2.0)
    chunky_png (1.2.0)
    cocaine (0.1.0)
    columnize (0.3.4)
    compass (0.11.5)
      chunky_png (~> 1.2)
      fssm (>= 0.2.7)
      sass (~> 3.1)
    dynamic_reports (0.0.4)
    ezcrypto (0.7.2)
    fattr (2.2.0)
    fssm (0.2.7)
    haml (3.1.2)
    highline (1.6.2)
    json (1.5.3)
    kgio (2.5.0)
    linecache (0.46)
      rbx-require-relative (> 0.0.4)
    main (4.6.0)
      arrayfields (>= 4.7.4)
      fattr (>= 2.1.0)
      map (>= 2.0.0)
    map (4.2.0)
    mime-types (1.16)
    net-ssh (2.1.4)
    nifty-generators (0.4.6)
    oauth (0.4.5)
    orderedhash (0.0.6)
    paperclip (2.3.15)
      activerecord (>= 2.3.0)
      activesupport (>= 2.3.2)
      cocaine (>= 0.0.2)
      mime-types
    pg (0.11.0)
    rack (1.1.6)
    rails (2.3.11)
      actionmailer (= 2.3.11)
      actionpack (= 2.3.11)
      activerecord (= 2.3.11)
      activeresource (= 2.3.11)
      activesupport (= 2.3.11)
      rake (>= 0.8.3)
    raindrops (0.7.0)
    rake (0.9.2)
    rbx-require-relative (0.0.5)
    ruby-debug (0.10.4)
      columnize (>= 0.1)
      ruby-debug-base (~> 0.10.4.0)
    ruby-debug-base (0.10.4)
      linecache (>= 0.3)
    sass (3.1.4)
    sunlight (1.1.0)
      json (>= 1.1.3)
      ym4r (>= 0.6.1)
    systemu (2.2.0)
    twitter-auth (0.1.22)
      ezcrypto (>= 0.7.2)
      oauth (>= 0.3.1)
    unicorn (4.0.1)
      kgio (~> 2.4)
      rack
      raindrops (~> 0.6)
    ym4r (0.6.1)

PLATFORMS
  ruby

DEPENDENCIES
  RedCloth
  bj
  compass
  dynamic_reports
  haml
  highline
  json
  net-ssh
  nifty-generators
  oauth
  paperclip
  pg
  rails (= 2.3.11)
  ruby-debug
  sunlight
  twitter-auth
  unicorn
  ym4r
