GEM
  remote: http://rubygems.org/
  specs:
    RedCloth (4.2.4)
    actionmailer (2.3.8)
      actionpack (= 2.3.8)
    actionpack (2.3.8)
      activesupport (= 2.3.8)
      rack (~> 1.1.0)
    activerecord (2.3.8)
      activesupport (= 2.3.8)
    activeresource (2.3.8)
      activesupport (= 2.3.8)
    activesupport (2.3.8)
    arrayfields (4.7.4)
    bj (1.0.1)
      main (>= 2.6.0)
      orderedhash (>= 0.0.3)
      systemu (>= 1.2.0)
    columnize (0.3.2)
    compass (0.10.6)
      haml (>= 3.0.4)
    dynamic_reports (0.0.4)
    ezcrypto (0.7.2)
    fattr (2.2.0)
    haml (3.0.25)
    highline (1.6.1)
    json (1.5.1)
    kgio (2.2.0)
    linecache (0.43)
    main (4.4.0)
      arrayfields (>= 4.7.4)
      fattr (>= 2.1.0)
    net-ssh (2.1.0)
    nifty-generators (0.4.4)
    oauth (0.4.4)
    orderedhash (0.0.6)
    rack (1.1.0)
    rails (2.3.8)
      actionmailer (= 2.3.8)
      actionpack (= 2.3.8)
      activerecord (= 2.3.8)
      activeresource (= 2.3.8)
      activesupport (= 2.3.8)
      rake (>= 0.8.3)
    rake (0.8.7)
    ruby-debug (0.10.4)
      columnize (>= 0.1)
      ruby-debug-base (~> 0.10.4.0)
    ruby-debug-base (0.10.4)
      linecache (>= 0.3)
    sunlight (1.0.7)
      json (>= 1.1.3)
      ym4r (>= 0.6.1)
    systemu (1.2.0)
    twitter-auth (0.1.22)
      ezcrypto (>= 0.7.2)
      oauth (>= 0.3.1)
    unicorn (3.4.0)
      kgio (~> 2.2)
      rack
    ym4r (0.6.1)

PLATFORMS
  ruby

DEPENDENCIES
  RedCloth
  bj
  compass
  dynamic_reports
  haml
  highline
  json
  net-ssh
  nifty-generators
  oauth
  rails (= 2.3.8)
  ruby-debug
  sunlight
  twitter-auth
  unicorn
  ym4r
